GEM
  remote: http://rubygems.org/
  specs:
    beanstalk-client (1.1.0)
    bson (1.3.1)
    bson_ext (1.3.1)
    ffi (0.6.3)
      rake (>= 0.8.7)
    git (1.2.5)
    jeweler (1.6.4)
      bundler (~> 1.0)
      git (>= 1.2.5)
      rake
    libvirt (0.2.0)
      ffi (~> 0.6.3)
      nokogiri (~> 1.4.3)
    libxml-ruby (1.1.4)
    nokogiri (1.4.7)
    rake (0.9.2)
    rcov (0.9.10)
    shoulda (2.11.3)
    state_machine (1.0.2)
    zmq (2.1.3)

PLATFORMS
  ruby

DEPENDENCIES
  beanstalk-client (>= 1.1.0)
  bson (>= 1.3.1)
  bson_ext (>= 1.3.1)
  bundler (~> 1.0.0)
  jeweler (~> 1.6.4)
  libvirt (>= 0.2.0)
  libxml-ruby (>= 1.1.4)
  rcov
  shoulda
  state_machine (>= 1.0.2)
  zmq (>= 2.1.3)
