GEM
  remote: http://rubygems.org/
  specs:
    beanstalk-client (1.1.0)
    bson (1.3.1)
    bson_ext (1.3.1)
    git (1.2.5)
    jeweler (1.6.4)
      bundler (~> 1.0)
      git (>= 1.2.5)
      rake
    libxml-ruby (1.1.4)
    rake (0.9.2)
    rcov (0.9.10)
    shoulda (2.11.3)
    zmq (2.1.3)

PLATFORMS
  ruby

DEPENDENCIES
  beanstalk-client (>= 1.1.0)
  bson (>= 1.3.1)
  bson_ext (>= 1.3.1)
  bundler (~> 1.0.0)
  jeweler (~> 1.6.4)
  libxml-ruby (>= 1.1.4)
  rcov
  shoulda
  zmq (>= 2.1.3)
