GEM
  remote: http://rubygems.org/
  specs:
    antir-machine (0.1.1)
      state_machine (= 1.0.2)
    bson (1.3.1)
    bson_ext (1.3.1)
    cucub-object (0.0.1)
      ma-zmq (= 0.0.1)
    diff-lcs (1.1.2)
    ffi (0.6.3)
      rake (>= 0.8.7)
    git (1.2.5)
    jeweler (1.6.4)
      bundler (~> 1.0)
      git (>= 1.2.5)
      rake
    json (1.6.1)
    libvirt (0.2.0)
      ffi (~> 0.6.3)
      nokogiri (~> 1.4.3)
    libxml-ruby (1.1.4)
    ma-zmq (0.0.1)
    mime-types (1.16)
    nokogiri (1.4.7)
    rake (0.9.2)
    rcov (0.9.10)
    redis (2.2.2)
    rest-client (1.6.7)
      mime-types (>= 1.16)
    rspec (2.6.0)
      rspec-core (~> 2.6.0)
      rspec-expectations (~> 2.6.0)
      rspec-mocks (~> 2.6.0)
    rspec-core (2.6.4)
    rspec-expectations (2.6.0)
      diff-lcs (~> 1.1.2)
    rspec-mocks (2.6.0)
    sigar (0.7.0)
    state_machine (1.0.2)

PLATFORMS
  ruby

DEPENDENCIES
  antir-machine (= 0.1.1)
  bson (>= 1.3.1)
  bson_ext (>= 1.3.1)
  bundler (~> 1.0.0)
  cucub-object
  jeweler (~> 1.6.4)
  json (>= 1.6.1)
  libvirt (>= 0.2.0)
  libxml-ruby (>= 1.1.4)
  rcov
  redis (>= 2.2.2)
  rest-client (>= 1.6.7)
  rspec (~> 2.6)
  sigar (= 0.7.0)
